GEM
  remote: https://rubygems.org/
  specs:
    rake (10.4.2)
    redcarpet (3.2.2)
    slim (3.0.2)
      temple (~> 0.7.3)
      tilt (>= 1.3.3, < 2.1)
    temple (0.7.5)
    tilt (2.0.1)

PLATFORMS
  ruby

DEPENDENCIES
  rake
  redcarpet
  slim
